PATH
  remote: .
  specs:
    rosh (0.1.0)
      colorize
      drama_queen (~> 0.1.0)
      highline
      log_switch (~> 1.0.0)
      net-scp
      net-ssh
      plist
      sys-proctable

GEM
  remote: https://rubygems.org/
  specs:
    byebug (5.0.0)
      columnize (= 0.9.0)
    colorize (0.7.7)
    columnize (0.9.0)
    diff-lcs (1.2.5)
    docile (1.1.5)
    drama_queen (0.1.1)
    highline (1.7.2)
    json (1.8.3)
    log_switch (1.0.0)
    memfs (0.4.3)
    net-scp (1.2.1)
      net-ssh (>= 2.6.5)
    net-ssh (2.9.2)
    plist (3.1.0)
    rspec (3.3.0)
      rspec-core (~> 3.3.0)
      rspec-expectations (~> 3.3.0)
      rspec-mocks (~> 3.3.0)
    rspec-core (3.3.1)
      rspec-support (~> 3.3.0)
    rspec-expectations (3.3.0)
      diff-lcs (>= 1.2.0, < 2.0)
      rspec-support (~> 3.3.0)
    rspec-mocks (3.3.1)
      diff-lcs (>= 1.2.0, < 2.0)
      rspec-support (~> 3.3.0)
    rspec-support (3.3.0)
    simplecov (0.10.0)
      docile (~> 1.1.0)
      json (~> 1.8)
      simplecov-html (~> 0.10.0)
    simplecov-html (0.10.0)
    sys-proctable (0.9.8)
    yard (0.9.20)

PLATFORMS
  ruby

DEPENDENCIES
  bundler (>= 1.0.1)
  byebug
  memfs
  rosh!
  rspec (~> 3.3.0)
  simplecov
  yard (>= 0.7.2)

BUNDLED WITH
   1.10.5
